NUGET
  remote: https://nuget.org/api/v2
  specs:
    FAKE (3.28.7)
GITHUB
  remote: fsharp/FAKE
  specs:
    modules/Octokit/Octokit.fsx (3e58233a84f9db0f6a6e34bfbc99aaa7fe8bbcdc)
      Octokit
NUGET
  remote: https://nuget.org/api/v2
  specs:
    Moq (4.7.145)
