NUGET
  remote: https://www.nuget.org/api/v2
    A (1.1.1)
    B (1.1.1)
        D (2.2.2)
    D (2.2.2)
