RESTRICTION: == net462
NUGET
  remote: http://dev-artifactory.a.local/artifactory/api/nuget/nugets
    Castle.Core (4.2.1)
    FluentAssertions (4.19.4)
    JetBrains.Annotations (11.1.0)
    Microsoft.NET.Test.Sdk (15.0.0)
      Microsoft.TestPlatform.TestHost (>= 15.0)
    Microsoft.TestPlatform.TestHost (15.5.0)
    Moq (4.7.145)
      Castle.Core (>= 4.2.1)
    SolarWinds.Packaging (1.1.0.10)
  remote: http://dev-artifactory.b.local/artifactory/api/nuget/nugets
    xunit (2.3.1)
      xunit.analyzers (>= 0.7)
      xunit.assert (2.3.1)
      xunit.core (2.3.1)
    xunit.abstractions (2.0.1)
    xunit.analyzers (0.7.0)
    xunit.assert (2.3.1)
    xunit.core (2.3.1)
      xunit.extensibility.core (2.3.1)
      xunit.extensibility.execution (2.3.1)
    xunit.extensibility.core (2.3.1)
      xunit.abstractions (>= 2.0.1)
    xunit.extensibility.execution (2.3.1)
      xunit.extensibility.core (2.3.1)
    xunit.runner.console (2.3.1)
    xunit.runner.visualstudio (2.3.1)
