RESTRICTION: || (== net45) (== portable-net45+win8+wp8+wpa81)
NUGET
  remote: https://www.nuget.org/api/v2
    FSharp.Core (4.0.0.1)

GROUP Build
RESTRICTION: || (== net45) (== portable-net45+win8+wp8+wpa81)
NUGET
  remote: https://www.nuget.org/api/v2
    FAKE (4.62.1)
    FSharp.Compiler.Service (2.0.0.6)
    FSharp.Formatting (2.14.4)
      FSharp.Compiler.Service (2.0.0.6)
      FSharpVSPowerTools.Core (>= 2.3 < 2.4)
    FSharpVSPowerTools.Core (2.3)
      FSharp.Compiler.Service (>= 2.0.0.3)
    Microsoft.Bcl (1.1.10) - restriction: || (&& (== net45) (== portable-net45+win8+wp8+wpa81)) (== portable-net45+win8+wp8+wpa81)
      Microsoft.Bcl.Build (>= 1.0.14)
    Microsoft.Bcl.Build (1.0.21) - import_targets: false, restriction: == portable-net45+win8+wp8+wpa81
    Microsoft.Net.Http (2.2.29) - restriction: || (&& (== net45) (== portable-net45+win8+wp8+wpa81)) (== portable-net45+win8+wp8+wpa81)
      Microsoft.Bcl (>= 1.1.10)
      Microsoft.Bcl.Build (>= 1.0.14)
    Octokit (0.24)
      Microsoft.Net.Http  - restriction: == portable-net45+win8+wp8+wpa81
    SourceLink.Fake (1.1)
GITHUB
  remote: fsharp/FAKE
    modules/Octokit/Octokit.fsx (b5933798c1944051bf358a460fcdc8ffbd678dfc)
      Octokit (>= 0.20)
GROUP Test
RESTRICTION: || (== net45) (== portable-net45+win8+wp8+wpa81)
NUGET
  remote: https://www.nuget.org/api/v2
    FsCheck (2.9)
      FSharp.Core (>= 4.1)
    FSharp.Core (4.2.1)
    NUnit (2.6.4)
    NUnit.Runners (2.6.4)
