FRAMEWORK: NET45
NUGET
  remote: https://www.nuget.org/api/v2
    Node.js (5.3)
    Npm.js (2.13.1)
      Node.js (>= 0.12.7)
GIT
  remote: https://github.com/ionide/FsAutoComplete.git
     (ccd7a5c71866c491d6a63d6de180be5d12cb4f10)
      build: build.cmd LocalRelease
      os: windows
  remote: https://github.com/fsprojects/Forge.git
     (6a9466102b2fbc0ad606617bfa371aec92e595ad)
      build: build.cmd Build
      os: windows
  remote: https://github.com/ionide/ionide-fsgrammar.git
     (dd4f7025fc7a60f841ee30909873444147f766d4)
GITHUB
  remote: Ionide/ionide-vscode-helpers
    Fable.Import.Axios.fs (df7bcb2e23c59b24b18eb77459f3d97c1b336b3c)
    Fable.Import.VSCode.fs (df7bcb2e23c59b24b18eb77459f3d97c1b336b3c)
    Helpers.fs (df7bcb2e23c59b24b18eb77459f3d97c1b336b3c)
