NUGET
  remote: http://dev-artifactory.dev.local/artifactory/api/nuget/nuget-stable
    Antlr (3.5.0.2)
    Castle.Core (3.3.3)
    EasyNetQ (0.54.3.424)
      RabbitMQ.Client (>= 3.6)
    EULA (1.0.54)
    jQuery (1.10.2)
    log4net (1.2.10)
    Microsoft.AspNet.Cors (5.2.3)
    Microsoft.AspNet.Identity.Core (2.1.0)
    Microsoft.AspNet.Identity.Owin (2.1.0)
      Microsoft.AspNet.Identity.Core (>= 2.1)
      Microsoft.Owin.Security (>= 2.1)
      Microsoft.Owin.Security.Cookies (>= 2.1)
      Microsoft.Owin.Security.OAuth (>= 2.1)
    Microsoft.AspNet.Mvc (5.2.3)
      Microsoft.AspNet.Razor (>= 3.2.3 < 3.3)
      Microsoft.AspNet.WebPages (>= 3.2.3 < 3.3)
    Microsoft.AspNet.Razor (3.2.3)
    Microsoft.AspNet.SignalR (2.1.2)
      Microsoft.AspNet.SignalR.JS (>= 2.1.2)
      Microsoft.AspNet.SignalR.SystemWeb (>= 2.1.2)
    Microsoft.AspNet.SignalR.Core (2.2.1)
      Microsoft.Owin (>= 2.1)
      Microsoft.Owin.Security (>= 2.1)
      Newtonsoft.Json (>= 6.0.4)
      Owin (>= 1.0)
    Microsoft.AspNet.SignalR.JS (2.2.1)
      jQuery (>= 1.6.4)
    Microsoft.AspNet.SignalR.SystemWeb (2.2.1)
      Microsoft.AspNet.SignalR.Core (>= 2.2.1)
      Microsoft.Owin.Host.SystemWeb (>= 2.1)
    Microsoft.AspNet.Web.Optimization (1.1.3)
      Microsoft.Web.Infrastructure (>= 1.0)
      WebGrease (>= 1.5.2)
    Microsoft.AspNet.WebApi (5.2.3)
      Microsoft.AspNet.WebApi.WebHost (>= 5.2.3 < 5.3)
    Microsoft.AspNet.WebApi.Client (5.2.3)
      Microsoft.Net.Http (>= 2.2.22) - restriction: && (< net45) (>= portable-net45+win8+wp8+wp81+wpa81)
      Newtonsoft.Json (>= 6.0.4) - restriction: >= portable-net45+win8+wp8+wp81+wpa81
    Microsoft.AspNet.WebApi.Core (5.2.3)
      Microsoft.AspNet.WebApi.Client (>= 5.2.3)
    Microsoft.AspNet.WebApi.Cors (5.2.3)
      Microsoft.AspNet.Cors (>= 5.2.3)
      Microsoft.AspNet.WebApi.Core (>= 5.2.3 < 5.3)
    Microsoft.AspNet.WebApi.OData (5.2.2)
      Microsoft.AspNet.WebApi.Client (>= 5.2.2)
      Microsoft.AspNet.WebApi.Core (>= 5.2.2 < 5.3)
      Microsoft.Data.OData (>= 5.6)
    Microsoft.AspNet.WebApi.Owin (5.2.3)
      Microsoft.AspNet.WebApi.Core (>= 5.2.3 < 5.3)
      Microsoft.Owin (>= 2.0.2)
      Owin (>= 1.0)
    Microsoft.AspNet.WebApi.Tracing (5.2.3)
      Microsoft.AspNet.WebApi.Core (>= 5.2.3 < 5.3)
    Microsoft.AspNet.WebApi.WebHost (5.2.3)
      Microsoft.AspNet.WebApi.Core (>= 5.2.3 < 5.3)
    Microsoft.AspNet.WebPages (3.2.3)
      Microsoft.AspNet.Razor (>= 3.2.3 < 3.3)
      Microsoft.Web.Infrastructure (>= 1.0)
    Microsoft.Bcl (1.1.9) - restriction: && (< net45) (>= portable-net45+win8+wp8+wp81+wpa81)
      Microsoft.Bcl.Build (>= 1.0.14)
    Microsoft.Bcl.Build (1.0.14) - import_targets: false, restriction: && (< net45) (>= portable-net45+win8+wp8+wp81+wpa81)
    Microsoft.Data.Edm (5.6.0)
    Microsoft.Data.OData (5.6.0)
      Microsoft.Data.Edm (5.6)
      System.Spatial (5.6)
    Microsoft.Net.Http (2.2.28) - restriction: && (< net45) (>= portable-net45+win8+wp8+wp81+wpa81)
      Microsoft.Bcl (>= 1.1.9)
      Microsoft.Bcl.Build (>= 1.0.14)
    Microsoft.Owin (4.0.0)
      Owin (>= 1.0)
    Microsoft.Owin.Host.SystemWeb (3.0.1)
      Microsoft.Owin (>= 3.0.1)
      Owin (>= 1.0)
    Microsoft.Owin.Hosting (4.0.0)
      Microsoft.Owin (>= 4.0)
      Owin (>= 1.0)
    Microsoft.Owin.Security (3.0.1)
      Microsoft.Owin (>= 3.0.1)
      Owin (>= 1.0)
    Microsoft.Owin.Security.Cookies (3.0.1)
      Microsoft.Owin (>= 3.0.1)
      Microsoft.Owin.Security (>= 3.0.1)
      Owin (>= 1.0)
    Microsoft.Owin.Security.OAuth (3.0.0)
      Microsoft.Owin (>= 3.0)
      Microsoft.Owin.Security (>= 3.0)
      Newtonsoft.Json (>= 6.0.4)
      Owin (>= 1.0)
    Microsoft.Owin.Testing (4.0.0)
      Microsoft.Owin.Hosting (>= 4.0)
      Owin (>= 1.0)
    Microsoft.Web.Infrastructure (1.0.0.1)
    Moq (4.5.30)
      Castle.Core (>= 3.3.3) - restriction: >= net45
    Newtonsoft.Json (6.0.4)
    NUnit (2.6.4)
    NUnit.ConsoleRunner (3.9.0)
    NUnit.Extension.NUnitProjectLoader (3.6.0)
    NUnit.Extension.NUnitV2Driver (3.7.0)
    NUnit.Extension.NUnitV2ResultWriter (3.6.0)
    NUnit.Extension.TeamCityEventListener (1.0.3)
    NUnit.Extension.VSProjectLoader (3.7.0)
    NUnit.Runners (3.7.0)
      NUnit.ConsoleRunner (>= 3.7)
      NUnit.Extension.NUnitProjectLoader (>= 3.5)
      NUnit.Extension.NUnitV2Driver (>= 3.6)
      NUnit.Extension.NUnitV2ResultWriter (>= 3.5)
      NUnit.Extension.TeamCityEventListener (>= 1.0.2)
      NUnit.Extension.VSProjectLoader (>= 3.5)
    OrionImprovement (2.9.0.301)
    Owin (1.0)
    RabbitMQ.Client (3.6.0)
    SolarWinds.Common (10001.3.0.768)
      SolarWinds.Logging (>= 10000.2.0.743 < 10000.2.1)
    SolarWinds.Database.Client (0.1.0.128)
    SolarWinds.Database.TimeSeries.Contracts (0.9.0.482)
    SolarWinds.InformationService.Addons (2017.5.0.2127)
      Antlr (3.5.0.2)
      SolarWinds.Logging (>= 10000.2.0.743)
    SolarWinds.InformationService.Contract (2017.5.0.2127)
      SolarWinds.Logging (>= 10000.2.0.743)
    Solarwinds.InformationService.Linq (1.0.25.319)
    Solarwinds.InformationService.Linq.Generator (1.0.25.319)
    SolarWinds.InformationService.SchemaLint (2017.5.0.2127)
    SolarWinds.Internationalization (10001.3.0.751)
      SolarWinds.Logging (>= 10000.2.0.743 < 10000.2.1)
    SolarWinds.Logging (10000.2.0.743)
      log4net (1.2.10)
    SolarWinds.MessageBus (1.6.0.952)
      EasyNetQ (>= 0.54 < 0.55)
      RabbitMQ.Client (>= 3.6 < 3.7)
      SolarWinds.Serialization
      System.IO.Abstractions (>= 2.0 < 2.1)
    SolarWinds.Orion.Auditing (10001.3.0.3942)
      SolarWinds.InformationService.Contract (>= 2017.5.0.2127 < 2017.5.1)
      SolarWinds.Orion.Swis.Contract (>= 10001.3.0.3272 < 10001.3.1)
    SolarWinds.Orion.Batching (10001.3.0.1780)
      SolarWinds.Orion.Configuration (>= 10001.3.0.1341 < 10001.3.1)
    SolarWinds.Orion.Channels (10001.3.0.1840)
      SolarWinds.Orion.Configuration (>= 10001.3.0.1341 < 10001.3.1)
      SolarWinds.Orion.Security (>= 10001.3.0.834 < 10001.3.1)
    SolarWinds.Orion.Common (10001.3.0.1113)
      SolarWinds.Database.Client (>= 0.1.0.128 < 0.1.1)
      SolarWinds.Logging (>= 10000.2.0.743 < 10000.2.1)
      SolarWinds.Orion.Security (>= 10001.3.0.834 < 10001.3.1)
    SolarWinds.Orion.Configuration (10001.3.0.1341)
      SolarWinds.Common (>= 10001.3.0.768 < 10001.3.1)
      SolarWinds.Internationalization (>= 10001.3.0.751 < 10001.3.1)
      SolarWinds.Logging (>= 10000.2.0.743 < 10000.2.1)
      SolarWinds.Orion.Common (>= 10001.3.0.1113 < 10001.3.1)
    SolarWinds.Orion.Core.Bin (2018.4.100.10499)
      Castle.Core (>= 3.3 < 3.4)
      SolarWinds.Database.TimeSeries.Contracts (0.9.0.482)
      Solarwinds.InformationService.Linq (>= 1.0 < 1.1)
      Solarwinds.InformationService.Linq.Generator (>= 1.0 < 1.1)
      SolarWinds.Orion.Core.Bin.Metadata (2018.4.100.10499)
      SolarWinds.Orion.Core.SwisSchemas (2018.4.100.10499)
    SolarWinds.Orion.Core.Bin.Metadata (2018.4.100.10499)
    SolarWinds.Orion.Core.SharedCredentials (10001.3.0.1184)
      SolarWinds.Common (>= 10001.3.0.768 < 10001.3.1)
      SolarWinds.Logging (>= 10000.2.0.743 < 10000.2.1)
      SolarWinds.Orion.Common (>= 10001.3.0.1113 < 10001.3.1)
      SolarWinds.Orion.Security (>= 10001.3.0.834 < 10001.3.1)
    SolarWinds.Orion.Core.SwisSchemas (2018.4.100.10499)
      SolarWinds.Orion.Core.Bin.Metadata (2018.4.100.10499)
    SolarWinds.Orion.Core.TypeScript.3rdParty (2018.4.100.10499)
    SolarWinds.Orion.Core.TypeScript.Orion (2018.4.100.10499)
    SolarWinds.Orion.Core.Web.Metadata (2018.4.100.10499)
      SolarWinds.Orion.Core.Bin.Metadata (2018.4.100.10499)
    SolarWinds.Orion.Core.WebSite (2018.4.100.10499)
      SolarWinds.Orion.Core.TypeScript.3rdParty (2018.4.100.10499)
      SolarWinds.Orion.Core.TypeScript.Orion (2018.4.100.10499)
      SolarWinds.Orion.Core.Web.Metadata (2018.4.100.10499)
    SolarWinds.Orion.I18N (10001.3.0.1204)
      SolarWinds.Internationalization (>= 10001.3.0.751 < 10001.3.1)
      SolarWinds.Logging (>= 10000.2.0.743 < 10000.2.1)
      SolarWinds.Orion.Common (>= 10001.3.0.1113 < 10001.3.1)
      SolarWinds.Orion.Configuration (>= 10001.3.0.1341 < 10001.3.1)
    SolarWinds.Orion.PubSub (10001.3.0.2346)
      SolarWinds.MessageBus (>= 1.6.0.952 < 1.6.1)
    SolarWinds.Orion.Security (10001.3.0.834)
      SolarWinds.Logging (>= 10000.2.0.743 < 10000.2.1)
    SolarWinds.Orion.Swis.Client (10001.3.0.3942)
      SolarWinds.InformationService.Addons (>= 2017.5.0.2127 < 2017.5.1)
      SolarWinds.InformationService.Contract (>= 2017.5.0.2127 < 2017.5.1)
      SolarWinds.Orion.Auditing (>= 10001.3.0.3942 < 10001.3.1)
      SolarWinds.Orion.Channels (>= 10001.3.0.1840 < 10001.3.1)
      SolarWinds.Orion.Common (>= 10001.3.0.1113 < 10001.3.1)
      SolarWinds.Orion.Swis.Contract (>= 10001.3.0.3272 < 10001.3.1)
    SolarWinds.Orion.Swis.Contract (10001.3.0.3272)
      SolarWinds.InformationService.Contract (>= 2017.5.0.2127 < 2017.5.1)
      SolarWinds.Orion.I18N (>= 10001.3.0.1204 < 10001.3.1)
    SolarWinds.Orion.Swis.PubSub (10001.3.0.3942)
      SolarWinds.InformationService.Addons (>= 2017.5.0.2127 < 2017.5.1)
      SolarWinds.InformationService.Contract (>= 2017.5.0.2127 < 2017.5.1)
      SolarWinds.MessageBus (>= 1.6.0.952 < 1.6.1)
      SolarWinds.Orion.Auditing (>= 10001.3.0.3942 < 10001.3.1)
      SolarWinds.Orion.Batching (>= 10001.3.0.1780 < 10001.3.1)
      SolarWinds.Orion.Channels (>= 10001.3.0.1840 < 10001.3.1)
      SolarWinds.Orion.Configuration (>= 10001.3.0.1341 < 10001.3.1)
      SolarWinds.Orion.Core.SharedCredentials (>= 10001.3.0.1184 < 10001.3.1)
      SolarWinds.Orion.PubSub (>= 10001.3.0.2346 < 10001.3.1)
      SolarWinds.Orion.Swis.Client (>= 10001.3.0.3942 < 10001.3.1)
      SolarWinds.Orion.Swis.Contract (>= 10001.3.0.3272 < 10001.3.1)
      SolarWinds.Settings (>= 1.3.0.679 < 1.3.1)
    SolarWinds.Packaging (1.1.0.600)
    SolarWinds.Serialization (1.3.0.787)
    SolarWinds.Settings (1.3.0.679)
    SolarWinds.Tests.Shared (11.0.0.77)
      log4net (>= 1.2.10 < 1.3)
      NUnit (>= 2.6.3 < 2.7)
    SolarWinds.Tools (1.0.0.2)
    System.IO.Abstractions (2.0.0.144)
    System.Spatial (5.6.0)
    WebGrease (1.6.0)
      Antlr (>= 3.4.1.9004)
      Newtonsoft.Json (>= 5.0.4)
    WiX.Toolset (3.9.1006.0)
  remote: http://dev-artifactory.dev.local/artifactory/api/nuget/nuget-acceptance
    SolarWinds.Orion.Apollo.SDK (4.0.0.2472)
      Microsoft.AspNet.Identity.Core (2.1)
      Microsoft.AspNet.Identity.Owin (2.1)
      Microsoft.AspNet.Mvc (5.2.3)
      Microsoft.AspNet.SignalR (2.1.2)
      Microsoft.AspNet.Web.Optimization (1.1.3)
      Microsoft.AspNet.WebApi (5.2.3)
      Microsoft.AspNet.WebApi.Client (5.2.3)
      Microsoft.AspNet.WebApi.Core (5.2.3)
      Microsoft.AspNet.WebApi.Cors (5.2.3)
      Microsoft.AspNet.WebApi.OData (5.2.2)
      Microsoft.AspNet.WebApi.Owin (5.2.3)
      Microsoft.AspNet.WebApi.Tracing (5.2.3)
      Microsoft.AspNet.WebApi.WebHost (5.2.3)
      Microsoft.Owin.Testing (4.0)
      Newtonsoft.Json (6.0.4)
