NUGET
  remote: https://www.nuget.org/api/v2
    A (1.1.1)
      A0 (1.1.1)
      A1 (1.1.1)
      A2 (1.1.1)
      A3 (1.1.1)
      A4 (1.1.1)
      A5 (1.1.1)
      A6 (1.1.1)
      A7 (1.1.1)
      A8 (1.1.1)
      A9 (1.1.1)
      A10 (1.1.1)
      A11 (1.1.1)
      A12 (1.1.1)
      A13 (1.1.1)
      A14 (1.1.1)
      A15 (1.1.1)
      A16 (1.1.1)
      A17 (1.1.1)
      A18 (1.1.1)
      A19 (1.1.1)
      A20 (1.1.1)
      A21 (1.1.1)
      A22 (1.1.1)
      A23 (1.1.1)
      A24 (1.1.1)
      A25 (1.1.1)
      A26 (1.1.1)
      A27 (1.1.1)
      A28 (1.1.1)
      A29 (1.1.1)
      A30 (1.1.1)
      A31 (1.1.1)
      A32 (1.1.1)
      A33 (1.1.1)
      A34 (1.1.1)
      A35 (1.1.1)
      A36 (1.1.1)
      A37 (1.1.1)
      A38 (1.1.1)
      A39 (1.1.1)
      A40 (1.1.1)
      A41 (1.1.1)
      A42 (1.1.1)
      A43 (1.1.1)
      A44 (1.1.1)
      A45 (1.1.1)
      A46 (1.1.1)
      A47 (1.1.1)
      A48 (1.1.1)
      A49 (1.1.1)
      A50 (1.1.1)
      A51 (1.1.1)
      A52 (1.1.1)
      A53 (1.1.1)
      A54 (1.1.1)
      A55 (1.1.1)
      A56 (1.1.1)
      A57 (1.1.1)
      A58 (1.1.1)
      A59 (1.1.1)
      A60 (1.1.1)
      A61 (1.1.1)
      A62 (1.1.1)
      A63 (1.1.1)
      A64 (1.1.1)
      A65 (1.1.1)
      A66 (1.1.1)
      A67 (1.1.1)
      A68 (1.1.1)
      A69 (1.1.1)
      A70 (1.1.1)
      A71 (1.1.1)
      A72 (1.1.1)
      A73 (1.1.1)
      A74 (1.1.1)
      A75 (1.1.1)
      A76 (1.1.1)
      A77 (1.1.1)
      A78 (1.1.1)
      A79 (1.1.1)
      A80 (1.1.1)
      A81 (1.1.1)
      A82 (1.1.1)
      A83 (1.1.1)
      A84 (1.1.1)
      A85 (1.1.1)
      A86 (1.1.1)
      A87 (1.1.1)
      A88 (1.1.1)
      A89 (1.1.1)
      A90 (1.1.1)
      A91 (1.1.1)
      A92 (1.1.1)
      A93 (1.1.1)
      A94 (1.1.1)
      A95 (1.1.1)
      A96 (1.1.1)
      A97 (1.1.1)
      A98 (1.1.1)
      A99 (1.1.1)
      A100 (1.1.1)
    B (1.1.1)
    C (1.1.1)
    A0 (1.1.1)
      B (1.1.1)
      C (1.1.1)
    A1 (1.1.1)
      B (1.1.1)
      C (1.1.1)
    A2 (1.1.1)
      B (1.1.1)
      C (1.1.1)
    A3 (1.1.1)
      B (1.1.1)
      C (1.1.1)
    A4 (1.1.1)
      B (1.1.1)
      C (1.1.1)
    A5 (1.1.1)
      B (1.1.1)
      C (1.1.1)
    A6 (1.1.1)
      B (1.1.1)
      C (1.1.1)
    A7 (1.1.1)
      B (1.1.1)
      C (1.1.1)
    A8 (1.1.1)
      B (1.1.1)
      C (1.1.1)
    A9 (1.1.1)
      B (1.1.1)
      C (1.1.1)
    A10 (1.1.1)
      B (1.1.1)
      C (1.1.1)
    A11 (1.1.1)
      B (1.1.1)
      C (1.1.1)
    A12 (1.1.1)
      B (1.1.1)
      C (1.1.1)
    A13 (1.1.1)
      B (1.1.1)
      C (1.1.1)
    A14 (1.1.1)
      B (1.1.1)
      C (1.1.1)
    A15 (1.1.1)
      B (1.1.1)
      C (1.1.1)
    A16 (1.1.1)
      B (1.1.1)
      C (1.1.1)
    A17 (1.1.1)
      B (1.1.1)
      C (1.1.1)
    A18 (1.1.1)
      B (1.1.1)
      C (1.1.1)
    A19 (1.1.1)
      B (1.1.1)
      C (1.1.1)
    A20 (1.1.1)
      B (1.1.1)
      C (1.1.1)
    A21 (1.1.1)
      B (1.1.1)
      C (1.1.1)
    A22 (1.1.1)
      B (1.1.1)
      C (1.1.1)
    A23 (1.1.1)
      B (1.1.1)
      C (1.1.1)
    A24 (1.1.1)
      B (1.1.1)
      C (1.1.1)
    A25 (1.1.1)
      B (1.1.1)
      C (1.1.1)
    A26 (1.1.1)
      B (1.1.1)
      C (1.1.1)
    A27 (1.1.1)
      B (1.1.1)
      C (1.1.1)
    A28 (1.1.1)
      B (1.1.1)
      C (1.1.1)
    A29 (1.1.1)
      B (1.1.1)
      C (1.1.1)
    A30 (1.1.1)
      B (1.1.1)
      C (1.1.1)
    A31 (1.1.1)
      B (1.1.1)
      C (1.1.1)
    A32 (1.1.1)
      B (1.1.1)
      C (1.1.1)
    A33 (1.1.1)
      B (1.1.1)
      C (1.1.1)
    A34 (1.1.1)
      B (1.1.1)
      C (1.1.1)
    A35 (1.1.1)
      B (1.1.1)
      C (1.1.1)
    A36 (1.1.1)
      B (1.1.1)
      C (1.1.1)
    A37 (1.1.1)
      B (1.1.1)
      C (1.1.1)
    A38 (1.1.1)
      B (1.1.1)
      C (1.1.1)
    A39 (1.1.1)
      B (1.1.1)
      C (1.1.1)
    A40 (1.1.1)
      B (1.1.1)
      C (1.1.1)
    A41 (1.1.1)
      B (1.1.1)
      C (1.1.1)
    A42 (1.1.1)
      B (1.1.1)
      C (1.1.1)
    A43 (1.1.1)
      B (1.1.1)
      C (1.1.1)
    A44 (1.1.1)
      B (1.1.1)
      C (1.1.1)
    A45 (1.1.1)
      B (1.1.1)
      C (1.1.1)
    A46 (1.1.1)
      B (1.1.1)
      C (1.1.1)
    A47 (1.1.1)
      B (1.1.1)
      C (1.1.1)
    A48 (1.1.1)
      B (1.1.1)
      C (1.1.1)
    A49 (1.1.1)
      B (1.1.1)
      C (1.1.1)
    A50 (1.1.1)
      B (1.1.1)
      C (1.1.1)
    A51 (1.1.1)
      B (1.1.1)
      C (1.1.1)
    A52 (1.1.1)
      B (1.1.1)
      C (1.1.1)
    A53 (1.1.1)
      B (1.1.1)
      C (1.1.1)
    A54 (1.1.1)
      B (1.1.1)
      C (1.1.1)
    A55 (1.1.1)
      B (1.1.1)
      C (1.1.1)
    A56 (1.1.1)
      B (1.1.1)
      C (1.1.1)
    A57 (1.1.1)
      B (1.1.1)
      C (1.1.1)
    A58 (1.1.1)
      B (1.1.1)
      C (1.1.1)
    A59 (1.1.1)
      B (1.1.1)
      C (1.1.1)
    A60 (1.1.1)
      B (1.1.1)
      C (1.1.1)
    A61 (1.1.1)
      B (1.1.1)
      C (1.1.1)
    A62 (1.1.1)
      B (1.1.1)
      C (1.1.1)
    A63 (1.1.1)
      B (1.1.1)
      C (1.1.1)
    A64 (1.1.1)
      B (1.1.1)
      C (1.1.1)
    A65 (1.1.1)
      B (1.1.1)
      C (1.1.1)
    A66 (1.1.1)
      B (1.1.1)
      C (1.1.1)
    A67 (1.1.1)
      B (1.1.1)
      C (1.1.1)
    A68 (1.1.1)
      B (1.1.1)
      C (1.1.1)
    A69 (1.1.1)
      B (1.1.1)
      C (1.1.1)
    A70 (1.1.1)
      B (1.1.1)
      C (1.1.1)
    A71 (1.1.1)
      B (1.1.1)
      C (1.1.1)
    A72 (1.1.1)
      B (1.1.1)
      C (1.1.1)
    A73 (1.1.1)
      B (1.1.1)
      C (1.1.1)
    A74 (1.1.1)
      B (1.1.1)
      C (1.1.1)
    A75 (1.1.1)
      B (1.1.1)
      C (1.1.1)
    A76 (1.1.1)
      B (1.1.1)
      C (1.1.1)
    A77 (1.1.1)
      B (1.1.1)
      C (1.1.1)
    A78 (1.1.1)
      B (1.1.1)
      C (1.1.1)
    A79 (1.1.1)
      B (1.1.1)
      C (1.1.1)
    A80 (1.1.1)
      B (1.1.1)
      C (1.1.1)
    A81 (1.1.1)
      B (1.1.1)
      C (1.1.1)
    A82 (1.1.1)
      B (1.1.1)
      C (1.1.1)
    A83 (1.1.1)
      B (1.1.1)
      C (1.1.1)
    A84 (1.1.1)
      B (1.1.1)
      C (1.1.1)
    A85 (1.1.1)
      B (1.1.1)
      C (1.1.1)
    A86 (1.1.1)
      B (1.1.1)
      C (1.1.1)
    A87 (1.1.1)
      B (1.1.1)
      C (1.1.1)
    A88 (1.1.1)
      B (1.1.1)
      C (1.1.1)
    A89 (1.1.1)
      B (1.1.1)
      C (1.1.1)
    A90 (1.1.1)
      B (1.1.1)
      C (1.1.1)
    A91 (1.1.1)
      B (1.1.1)
      C (1.1.1)
    A92 (1.1.1)
      B (1.1.1)
      C (1.1.1)
    A93 (1.1.1)
      B (1.1.1)
      C (1.1.1)
    A94 (1.1.1)
      B (1.1.1)
      C (1.1.1)
    A95 (1.1.1)
      B (1.1.1)
      C (1.1.1)
    A96 (1.1.1)
      B (1.1.1)
      C (1.1.1)
    A97 (1.1.1)
      B (1.1.1)
      C (1.1.1)
    A98 (1.1.1)
      B (1.1.1)
      C (1.1.1)
    A99 (1.1.1)
      B (1.1.1)
      C (1.1.1)
    A100 (1.1.1)
      B (1.1.1)
      C (1.1.1)
