RESTRICTION: == net462
NUGET
  remote: http://dev-artifactory.dev.local/artifactory/api/nuget/nugets
    Castle.Core (4.2.1)
    FluentAssertions (4.19.4)
    JetBrains.Annotations (11.1.0)
    Microsoft.NET.Test.Sdk (15.0.0)
      Microsoft.TestPlatform.TestHost (>= 15.0)
    Microsoft.TestPlatform.TestHost (15.5.0)
    Moq (4.7.145)
      Castle.Core (>= 4.2.1)
    snyk.Packaging (1.1.0.10)
    xunit (2.3.1)
      xunit.analyzers (>= 0.7)
      xunit.assert (2.3.1)
      xunit.core (2.3.1)
    xunit.abstractions (2.0.1)
    xunit.analyzers (0.7.0)
    xunit.assert (2.3.1)
    xunit.core (2.3.1)
      xunit.extensibility.core (2.3.1)
      xunit.extensibility.execution (2.3.1)
    xunit.extensibility.core (2.3.1)
      xunit.abstractions (>= 2.0.1)
    xunit.extensibility.execution (2.3.1)
      xunit.extensibility.core (2.3.1)
    xunit.runner.console (2.3.1)
    xunit.runner.visualstudio (2.3.1)
GROUP Cortex
RESTRICTION: == net462
NUGET
  remote: http://dev-artifactory.dev.local/artifactory/api/nuget/nuget_libs
    apache.log4net.Extensions.Logging (2.0.0.12)
      log4net (>= 2.0.8)
      Microsoft.Extensions.Configuration.Abstractions (>= 2.0)
      Microsoft.Extensions.Logging (>= 2.0)
      Microsoft.Extensions.Logging.Abstractions (>= 2.0)
      Microsoft.Extensions.Options.ConfigurationExtensions (>= 2.0)
    AsyncFriendlyStackTrace (1.4.1)
    Castle.Core (4.2.1)
    Castle.Windsor (4.1.0)
      Castle.Core (>= 4.2)
    Castle.Windsor.MsDependencyInjection (3.2.0)
    Dapper (1.50.2)
    dbup4-core (4.0.0-beta0003)
    dbup4-sqlserver (4.0.0-beta0003)
      dbup4-core (>= 4.0.0-beta0003)
    FastMember (1.1.0)
    log4net (2.0.8)
    Microsoft.AspNetCore.Http.Extensions (2.0.1)
    Microsoft.AspNetCore.Mvc (2.0.1)
    Microsoft.AspNetCore.Mvc.ApiExplorer (2.0.1)
    Microsoft.AspNetCore.Mvc.Core (2.0.1)
    Microsoft.AspNetCore.Mvc.DataAnnotations (2.0.1)
    Microsoft.AspNetCore.Mvc.Formatters.Json (2.0.1)
    Microsoft.AspNetCore.Routing (2.0.1)
    Microsoft.AspNetCore.Server.IISIntegration (2.0.1)
    Microsoft.AspNetCore.Server.Kestrel (2.0.1)
    Microsoft.AspNetCore.Server.Kestrel.Https (2.0.1)
    Microsoft.AspNetCore.StaticFiles (2.0.1)
    Microsoft.AspNetCore.WebSockets.Protocol (0.1.0)
    Microsoft.AspNetCore.WebSockets.Server (0.1.0)
      Microsoft.AspNetCore.Http.Extensions (>= 1.0)
      Microsoft.AspNetCore.WebSockets.Protocol (>= 0.1)
      Microsoft.Extensions.Options (>= 1.0)
    Microsoft.Data.SQLite (2.0.0)
    Microsoft.Extensions.Caching.Memory (2.0.0)
    Microsoft.Extensions.Configuration (2.0.0)
    Microsoft.Extensions.Configuration.Abstractions (2.0.0)
    Microsoft.Extensions.Configuration.Binder (2.0.0)
    Microsoft.Extensions.Configuration.CommandLine (2.0.0)
    Microsoft.Extensions.Configuration.EnvironmentVariables (2.0.0)
    Microsoft.Extensions.Configuration.FileExtensions (2.0.0)
    Microsoft.Extensions.Configuration.Json (2.0.0)
    Microsoft.Extensions.DependencyInjection (2.0.0)
    Microsoft.Extensions.DependencyInjection.Abstractions (2.0.0)
    Microsoft.Extensions.FileProviders.Abstractions (2.0.0)
    Microsoft.Extensions.FileProviders.Embedded (2.0.0)
    Microsoft.Extensions.Logging (2.0.0)
    Microsoft.Extensions.Logging.Abstractions (2.0.0)
    Microsoft.Extensions.Logging.Console (2.0.0)
    Microsoft.Extensions.Logging.Debug (2.0.0)
    Microsoft.Extensions.Options (2.0.0)
    Microsoft.Extensions.Options.ConfigurationExtensions (2.0.0)
    Microsoft.Extensions.PlatformAbstractions (1.1.0)
      NETStandard.Library (>= 1.6.1)
    Microsoft.NETCore.Platforms (2.0.1)
    NETStandard.Library (2.0.1)
      Microsoft.NETCore.Platforms (>= 1.1)
    Newtonsoft.Json (10.0.3)
    OptimizedPriorityQueue (4.1.1)
    Polly (5.0.6)
    Swashbuckle.AspNetCore (1.0.0)
      Swashbuckle.AspNetCore.Swagger (>= 1.0)
      Swashbuckle.AspNetCore.SwaggerGen (>= 1.0)
      Swashbuckle.AspNetCore.SwaggerUI (>= 1.0)
    Swashbuckle.AspNetCore.Swagger (1.1.0)
      Microsoft.AspNetCore.Mvc.Core (>= 1.0.4)
      Microsoft.AspNetCore.Mvc.Formatters.Json (>= 1.0.4)
    Swashbuckle.AspNetCore.SwaggerGen (1.1.0)
      Microsoft.AspNetCore.Mvc.ApiExplorer (>= 1.0.4)
      Microsoft.AspNetCore.Mvc.Core (>= 1.0.4)
      Microsoft.AspNetCore.Mvc.DataAnnotations (>= 1.0.4)
      Swashbuckle.AspNetCore.Swagger (>= 1.1)
    Swashbuckle.AspNetCore.SwaggerUI (1.1.0)
      Microsoft.AspNetCore.Routing (>= 1.0.4)
      Microsoft.AspNetCore.StaticFiles (>= 1.0.4)
      Microsoft.Extensions.FileProviders.Embedded (>= 1.0.1)
      Newtonsoft.Json (>= 9.0.1)
    System.Data.SqlClient (4.4.0)
    System.Linq.Dynamic.Core (1.0.6.13)
    System.Linq.Parallel (4.3.0)
    System.Net.Http (4.3.3)
      System.Security.Cryptography.X509Certificates (>= 4.3)
    System.Reactive (3.1.1)
      System.Reactive.PlatformServices (>= 3.1.1)
      System.Reactive.Windows.Threading (>= 3.1.1)
    System.Reactive.Core (3.1.1)
      System.Reactive.Interfaces (>= 3.1.1)
    System.Reactive.Interfaces (3.1.1)
    System.Reactive.Linq (3.1.1)
      System.Reactive.Core (>= 3.1.1)
    System.Reactive.PlatformServices (3.1.1)
      System.Reactive.Linq (>= 3.1.1)
    System.Reactive.Windows.Threading (3.1.1)
      System.Reactive.Core (>= 3.1.1)
    System.Runtime.Loader (4.3.0)
    System.Security.Cryptography.Algorithms (4.3.1)
      System.Security.Cryptography.Primitives (>= 4.3)
    System.Security.Cryptography.Encoding (4.3.0)
    System.Security.Cryptography.Primitives (4.3.0)
    System.Security.Cryptography.X509Certificates (4.3.2)
      System.Security.Cryptography.Algorithms (>= 4.3)
      System.Security.Cryptography.Encoding (>= 4.3)
    System.ValueTuple (4.3.1)
  remote: http://dev-artifactory.dev.local/artifactory/api/nuget/nuget-OrionPlatform-develop
    snyk.AssemblyInspection (1.0.0.32)
      Microsoft.Extensions.FileProviders.Abstractions (>= 2.0)
      Microsoft.Extensions.Logging (>= 2.0)
    snyk.Cortex.Client (2.0.0.4949)
      Newtonsoft.Json (>= 9.0.1)
    snyk.Cortex.FluentPoller.Contracts (2.0.0.615)
      snyk.Cortex.SDK (>= 2.0.0.4949 < 2.0.1)
    snyk.Cortex.SDK (2.0.0.4949)
      snyk.Cortex.Client (2.0.0.4949)
      snyk.PluginManager.Contracts (>= 1.0.0.66 < 1.0.1)
      System.Reactive (3.1.1)
    snyk.Cortex.Tests.SDK (2.0.0.4949)
      apache.log4net.Extensions.Logging (>= 2.0.0.12 < 2.0.1)
      AsyncFriendlyStackTrace (>= 1.4.1 < 1.5)
      Dapper (>= 1.50.2 < 1.51)
      dbup4-sqlserver (>= 4.0.0-beta0003 < 4.1.0-beta)
      FastMember (>= 1.1 < 1.2)
      Microsoft.AspNetCore.Mvc (>= 2.0 < 2.1)
      Microsoft.AspNetCore.Server.IISIntegration (>= 2.0 < 2.1)
      Microsoft.AspNetCore.Server.Kestrel (>= 2.0 < 2.1)
      Microsoft.AspNetCore.Server.Kestrel.Https (>= 2.0 < 2.1)
      Microsoft.AspNetCore.StaticFiles (>= 2.0 < 2.1)
      Microsoft.AspNetCore.WebSockets.Server (>= 0.1 < 0.2)
      Microsoft.Data.SQLite (>= 2.0 < 2.1)
      Microsoft.Extensions.Caching.Memory (>= 2.0 < 2.1)
      Microsoft.Extensions.Configuration (>= 2.0 < 2.1)
      Microsoft.Extensions.Configuration.Abstractions (>= 2.0 < 2.1)
      Microsoft.Extensions.Configuration.Binder (>= 2.0 < 2.1)
      Microsoft.Extensions.Configuration.CommandLine (>= 2.0 < 2.1)
      Microsoft.Extensions.Configuration.EnvironmentVariables (>= 2.0 < 2.1)
      Microsoft.Extensions.Configuration.FileExtensions (>= 2.0 < 2.1)
      Microsoft.Extensions.Configuration.Json (>= 2.0 < 2.1)
      Microsoft.Extensions.DependencyInjection (>= 2.0 < 2.1)
      Microsoft.Extensions.DependencyInjection.Abstractions (>= 2.0 < 2.1)
      Microsoft.Extensions.Logging (>= 2.0 < 2.1)
      Microsoft.Extensions.Logging.Abstractions (>= 2.0 < 2.1)
      Microsoft.Extensions.Logging.Console (>= 2.0 < 2.1)
      Microsoft.Extensions.Logging.Debug (>= 2.0 < 2.1)
      Microsoft.Extensions.Options (>= 2.0 < 2.1)
      Microsoft.Extensions.Options.ConfigurationExtensions (>= 2.0 < 2.1)
      Microsoft.Extensions.PlatformAbstractions (>= 1.1 < 1.2)
      NETStandard.Library (>= 2.0 < 2.1)
      OptimizedPriorityQueue (>= 4.1.1 < 4.2)
      Polly (>= 5.0.6 < 5.1)
      snyk.AssemblyInspection (>= 1.0.0.32 < 1.0.1)
      snyk.Cortex.SDK (2.0.0.4949)
      snyk.PluginManager (>= 1.0.0.66 < 1.0.1)
      snyk.PluginManager.Contracts (>= 1.0.0.66 < 1.0.1)
      Swashbuckle.AspNetCore (>= 1.0 < 1.1)
      System.Data.SqlClient (>= 4.4 < 4.5)
      System.Linq.Dynamic.Core (>= 1.0.6.13 < 1.0.7)
      System.Linq.Parallel (>= 4.3 < 4.4)
      System.Net.Http (>= 4.3.1 < 4.4)
      System.Reactive (>= 3.1.1 < 3.2)
      System.Runtime.Loader (>= 4.3 < 4.4)
      System.ValueTuple (>= 4.3 < 4.4)
    snyk.CortexPlugin.Orion.Monitoring.Contracts (2.0.0.615)
      snyk.Cortex.SDK (>= 2.0.0.4949 < 2.0.1)
    snyk.InstanceProxyGenerator (1.0.0.6)
      Castle.Core (>= 4.2.1 < 4.3)
    snyk.PluginManager (1.0.0.66)
      Castle.Core (>= 4.2.1 < 4.3)
      Castle.Windsor (>= 4.1 < 4.2)
      Castle.Windsor.MsDependencyInjection (>= 3.2 < 3.3)
      Microsoft.Extensions.Configuration.EnvironmentVariables (>= 2.0 < 2.1)
      Microsoft.Extensions.Configuration.Json (>= 2.0 < 2.1)
      Microsoft.Extensions.DependencyInjection (>= 2.0 < 2.1)
      Microsoft.Extensions.Options.ConfigurationExtensions (>= 2.0 < 2.1)
      snyk.AssemblyInspection (>= 1.0.0.32 < 1.0.1)
      snyk.InstanceProxyGenerator (>= 1.0.0.6 < 1.0.1)
      snyk.PluginManager.Contracts (>= 1.0.0.66 < 1.0.1)
      snyk.ServiceHost.Contracts (>= 1.0.0.45 < 1.0.1)
    snyk.PluginManager.Contracts (1.0.0.66)
      Newtonsoft.Json (>= 10.0.3 < 10.1)
    snyk.ServiceHost.Contracts (1.0.0.45)
      Newtonsoft.Json (>= 10.0.3)
